PATH
  remote: .
  specs:
    rubygoal (0.0.2)
      gosu (~> 0.7.50)

GEM
  remote: https://rubygems.org/
  specs:
    gosu (0.7.50)

PLATFORMS
  ruby

DEPENDENCIES
  rubygoal!
